PATH
  remote: .
  specs:
    cliskip2 (0.0.11)
      faraday_middleware (~> 0.8.7)
      json (~> 1.7.3)
      oauth (~> 0.4)
      simple_oauth (~> 0.1.8)

GEM
  remote: http://rubygems.org/
  specs:
    diff-lcs (1.1.3)
    faraday (0.8.4)
      multipart-post (~> 1.1)
    faraday_middleware (0.8.8)
      faraday (>= 0.7.4, < 0.9)
    json (1.7.5)
    multipart-post (1.1.5)
    oauth (0.4.6)
    rake (0.9.2.2)
    rake-compiler (0.8.1)
      rake
    rspec (2.10.0)
      rspec-core (~> 2.10.0)
      rspec-expectations (~> 2.10.0)
      rspec-mocks (~> 2.10.0)
    rspec-core (2.10.1)
    rspec-expectations (2.10.0)
      diff-lcs (~> 1.1.3)
    rspec-mocks (2.10.1)
    simple_oauth (0.1.9)

PLATFORMS
  ruby

DEPENDENCIES
  cliskip2!
  rake
  rake-compiler
  rspec (~> 2)
